GEM
  remote: http://rubygems.org/
  specs:
    dimensions (1.3.0)
    rake (13.0.6)
    rugged (1.1.1)
    yajl-ruby (1.4.1)

PLATFORMS
  ruby

DEPENDENCIES
  dimensions
  rake
  rugged
  yajl-ruby (~> 1.4.1)

BUNDLED WITH
   2.2.21
