GEM
  remote: http://rubygems.org/
  specs:
    ast (2.4.2)
    dimensions (1.3.0)
    json (2.9.1)
    language_server-protocol (3.17.0.3)
    parallel (1.26.3)
    parser (3.3.6.0)
      ast (~> 2.4.1)
      racc
    racc (1.8.1)
    rainbow (3.1.1)
    rake (13.2.1)
    regexp_parser (2.10.0)
    rubocop (1.67.0)
      json (~> 2.3)
      language_server-protocol (>= 3.17.0)
      parallel (~> 1.10)
      parser (>= 3.3.0.2)
      rainbow (>= 2.2.2, < 4.0)
      regexp_parser (>= 2.4, < 3.0)
      rubocop-ast (>= 1.32.2, < 2.0)
      ruby-progressbar (~> 1.7)
      unicode-display_width (>= 2.4.0, < 3.0)
    rubocop-ast (1.37.0)
      parser (>= 3.3.1.0)
    rubocop-performance (1.23.1)
      rubocop (>= 1.48.1, < 2.0)
      rubocop-ast (>= 1.31.1, < 2.0)
    rubocop-rake (0.6.0)
      rubocop (~> 1.0)
    ruby-progressbar (1.13.0)
    rugged (1.7.2)
    unicode-display_width (2.6.0)
    yajl-ruby (1.4.3)

PLATFORMS
  ruby

DEPENDENCIES
  dimensions
  rake
  rubocop
  rubocop-performance
  rubocop-rake
  rugged
  yajl-ruby (~> 1.4.3)

BUNDLED WITH
   2.5.5
